GEM
  remote: https://rubygems.org/
  specs:
    activemodel (5.1.1)
      activesupport (= 5.1.1)
    activerecord (5.1.1)
      activemodel (= 5.1.1)
      activesupport (= 5.1.1)
      arel (~> 8.0)
    activesupport (5.1.1)
      concurrent-ruby (~> 1.0, >= 1.0.2)
      i18n (~> 0.7)
      minitest (~> 5.1)
      tzinfo (~> 1.1)
    arel (8.0.0)
    bcrypt (3.1.11)
    better_errors (2.1.1)
      coderay (>= 1.0.0)
      erubis (>= 2.6.6)
      rack (>= 0.9.0)
    binding_of_caller (0.7.2)
      debug_inspector (>= 0.0.1)
    celluloid (0.17.3)
      celluloid-essentials
      celluloid-extras
      celluloid-fsm
      celluloid-pool
      celluloid-supervision
      timers (>= 4.1.1)
    celluloid-essentials (0.20.5)
      timers (>= 4.1.1)
    celluloid-extras (0.20.5)
      timers (>= 4.1.1)
    celluloid-fsm (0.20.5)
      timers (>= 4.1.1)
    celluloid-pool (0.20.5)
      timers (>= 4.1.1)
    celluloid-supervision (0.20.6)
      timers (>= 4.1.1)
    coderay (1.1.1)
    concurrent-ruby (1.0.5)
    config_env (0.1.2)
    debug_inspector (0.0.3)
    domain_name (0.5.20170404)
      unf (>= 0.0.5, < 1.0.0)
    dry-configurable (0.7.0)
      concurrent-ruby (~> 1.0)
    dry-container (0.6.0)
      concurrent-ruby (~> 1.0)
      dry-configurable (~> 0.1, >= 0.1.3)
    dry-core (0.4.2)
      concurrent-ruby (~> 1.0)
    dry-equalizer (0.2.0)
    dry-logic (0.4.2)
      dry-container (~> 0.2, >= 0.2.6)
      dry-core (~> 0.2)
      dry-equalizer (~> 0.2)
    dry-types (0.12.2)
      concurrent-ruby (~> 1.0)
      dry-configurable (~> 0.1)
      dry-container (~> 0.3)
      dry-core (~> 0.2, >= 0.2.1)
      dry-equalizer (~> 0.2)
      dry-logic (~> 0.4, >= 0.4.2)
      inflecto (~> 0.0.0, >= 0.0.2)
    dry-validation (0.11.1)
      concurrent-ruby (~> 1.0)
      dry-configurable (~> 0.1, >= 0.1.3)
      dry-core (~> 0.2, >= 0.2.1)
      dry-equalizer (~> 0.2)
      dry-logic (~> 0.4, >= 0.4.0)
      dry-types (~> 0.12.0)
    email_validator (1.6.0)
      activemodel
    erubis (2.7.0)
    ffi (1.9.18)
    hitimes (1.2.6)
    http-cookie (1.0.3)
      domain_name (~> 0.5)
    httpclient (2.8.3)
    i18n (0.8.1)
    inflecto (0.0.2)
    json (1.8.6)
    listen (3.1.5)
      rb-fsevent (~> 0.9, >= 0.9.4)
      rb-inotify (~> 0.9, >= 0.9.7)
      ruby_dep (~> 1.2)
    mail (2.6.5)
      mime-types (>= 1.16, < 4)
    mime-types (3.1)
      mime-types-data (~> 3.2015)
    mime-types-data (3.2016.0521)
    minitest (5.10.2)
    mustermann (1.0.0)
    netrc (0.11.0)
    pg (0.20.0)
    pubnub (4.0.27)
      celluloid (~> 0.17)
      dry-validation (~> 0.10)
      httpclient (~> 2.8, >= 2.8.3)
      json (>= 1.8, < 3)
    rack (2.0.3)
    rack-protection (2.0.0)
      rack
    rake (10.4.2)
    rb-fsevent (0.9.8)
    rb-inotify (0.9.8)
      ffi (>= 0.5.0)
    rerun (0.11.0)
      listen (~> 3.0)
    rest-client (2.0.2)
      http-cookie (>= 1.0.2, < 2.0)
      mime-types (>= 1.16, < 4.0)
      netrc (~> 0.8)
    ruby_dep (1.5.0)
    ruby_http_client (3.0.2)
    sendgrid-ruby (4.0.8)
      ruby_http_client (~> 3.0.1)
    sinatra (2.0.0)
      mustermann (~> 1.0)
      rack (~> 2.0)
      rack-protection (= 2.0.0)
      tilt (~> 2.0)
    sinatra-activerecord (2.0.13)
      activerecord (>= 3.2)
      sinatra (>= 1.0)
    staccato (0.5.1)
    strong_password (0.0.5)
    thread_safe (0.3.6)
    tilt (2.0.7)
    timers (4.1.2)
      hitimes
    tzinfo (1.2.3)
      thread_safe (~> 0.1)
    unf (0.1.4)
      unf_ext
    unf_ext (0.0.7.4)

PLATFORMS
  ruby

DEPENDENCIES
  activerecord
  bcrypt (~> 3.1.11)
  better_errors
  binding_of_caller
  config_env
  email_validator
  json (~> 1.8.3)
  mail
  pg (~> 0.15)
  pubnub
  rake (~> 10.4.2)
  rerun
  rest-client
  sendgrid-ruby (~> 4.0.2)
  sinatra
  sinatra-activerecord
  staccato
  strong_password (~> 0.0.5)

RUBY VERSION
   ruby 2.3.3p222

BUNDLED WITH
   1.16.1
