GEM
  remote: https://rubygems.org/
  specs:
    activemodel (3.2.9)
      activesupport (= 3.2.9)
      builder (~> 3.0.0)
    activerecord (3.2.9)
      activemodel (= 3.2.9)
      activesupport (= 3.2.9)
      arel (~> 3.0.2)
      tzinfo (~> 0.3.29)
    activesupport (3.2.9)
      i18n (~> 0.6)
      multi_json (~> 1.0)
    arel (3.0.2)
    bcrypt (3.1.11)
    builder (3.0.4)
    config_env (0.1.2)
    email_validator (1.6.0)
      activemodel
    ffi (1.9.10)
    i18n (0.6.1)
    json (1.8.3)
    listen (3.1.5)
      rb-fsevent (~> 0.9, >= 0.9.4)
      rb-inotify (~> 0.9, >= 0.9.7)
      ruby_dep (~> 1.2)
    mail (2.6.4)
      mime-types (>= 1.16, < 4)
    mime-types (3.1)
      mime-types-data (~> 3.2015)
    mime-types-data (3.2016.0521)
    minitest (5.9.0)
    multi_json (1.3.7)
    pg (0.18.4)
    rack (1.4.1)
    rack-protection (1.2.0)
      rack
    rack-test (0.6.3)
      rack (>= 1.0)
    rake (10.4.2)
    rb-fsevent (0.9.7)
    rb-inotify (0.9.7)
      ffi (>= 0.5.0)
    rerun (0.11.0)
      listen (~> 3.0)
    ruby_dep (1.3.1)
    ruby_http_client (3.0.0)
    sendgrid-ruby (4.0.2)
      ruby_http_client (~> 3.0.0)
    sinatra (1.3.3)
      rack (~> 1.3, >= 1.3.6)
      rack-protection (~> 1.2)
      tilt (~> 1.3, >= 1.3.3)
    sinatra-activerecord (1.1.2)
      activerecord (~> 3.0)
      sinatra (~> 1.0)
    strong_password (0.0.5)
    tilt (1.3.3)
    tzinfo (0.3.35)

PLATFORMS
  ruby

DEPENDENCIES
  activerecord
  bcrypt (~> 3.1.11)
  config_env
  email_validator
  json (~> 1.8.3)
  mail
  minitest
  pg (~> 0.15)
  rack-test
  rake (~> 10.4.2)
  rerun
  sendgrid-ruby (~> 4.0.2)
  sinatra
  sinatra-activerecord
  strong_password (~> 0.0.5)

RUBY VERSION
   ruby 2.0.0p648

BUNDLED WITH
   1.12.5
